GIT
  remote: git://github.com/dcparker/ruby-gmail.git
  revision: cd8fc2ba291de1b07ffba23266e4814dc8ea7117
  specs:
    ruby-gmail (0.2.2)
      mail (>= 2.2.1)
      mime (>= 0.1)
      shared-mime-info

GEM
  remote: http://rubygems.org/
  specs:
    activesupport (3.2.13)
      i18n (= 0.6.1)
      multi_json (~> 1.0)
    gadfly (0.0.1)
    i18n (0.6.1)
    mail (2.4.4)
      i18n (>= 0.4.0)
      mime-types (~> 1.16)
      treetop (~> 1.4.8)
    mime (0.1)
    mime-types (1.19)
    multi_json (1.7.2)
    polyglot (0.3.3)
    shared-mime-info (0.1)
    treetop (1.4.12)
      polyglot
      polyglot (>= 0.3.1)
    tzinfo (0.3.37)

PLATFORMS
  ruby

DEPENDENCIES
  activesupport (= 3.2.13)
  gadfly (= 0.0.1)
  ruby-gmail!
  tzinfo (= 0.3.37)
